GEM
  remote: https://rubygems.org/
  specs:
    algoliasearch (1.7.0)
      httpclient (~> 2.4)
      json (>= 1.5.1)
    aws-sdk (2.3.2)
      aws-sdk-resources (= 2.3.2)
    aws-sdk-core (2.3.2)
      jmespath (~> 1.0)
    aws-sdk-resources (2.3.2)
      aws-sdk-core (= 2.3.2)
    backports (3.6.8)
    encrypted_cookie (0.0.4)
    httpclient (2.7.1)
    jmespath (1.2.4)
      json_pure (>= 1.8.1)
    json (1.8.3)
    json_pure (2.0.2)
    jwt (1.5.5)
    kgio (2.10.0)
    multi_json (1.11.2)
    pg (0.18.4)
    rack (1.6.4)
    rack-cors (0.4.1)
    rack-protection (1.5.3)
      rack
    rack-test (0.6.3)
      rack (>= 1.0)
    rack_csrf (2.6.0)
      rack (>= 1.1.0)
    raindrops (0.15.0)
    redis (3.3.3)
    sinatra (1.4.7)
      rack (~> 1.5)
      rack-protection (~> 1.4)
      tilt (>= 1.3, < 3)
    sinatra-contrib (1.4.6)
      backports (>= 2.0)
      multi_json
      rack-protection
      rack-test
      sinatra (~> 1.4.0)
      tilt (>= 1.3, < 3)
    sinatra-subdomain (0.2.0)
      sinatra
    slugify (1.0.7)
    tilt (2.0.2)
    unicorn (4.7.0)
      kgio (~> 2.6)
      rack
      raindrops (~> 0.7)
    wannabe_bool (0.5.0)

PLATFORMS
  ruby

DEPENDENCIES
  algoliasearch
  aws-sdk
  encrypted_cookie
  jwt
  pg
  rack-cors
  rack_csrf
  redis
  sinatra
  sinatra-contrib
  sinatra-subdomain
  slugify
  unicorn
  wannabe_bool

BUNDLED WITH
   1.12.5
